PATH
  remote: .
  specs:
    apiary (0.0.1)
      launchy (>= 0.3.2)
      rest-client (~> 1.6.1)

GEM
  remote: http://rubygems.org/
  specs:
    addressable (2.2.8)
    launchy (2.1.0)
      addressable (~> 2.2.6)
    mime-types (1.18)
    rake (0.9.2.2)
    rest-client (1.6.7)
      mime-types (>= 1.16)

PLATFORMS
  ruby

DEPENDENCIES
  apiary!
  launchy (>= 0.3)
  rake (>= 0.8.7)
  rest-client (>= 1.6)
